GEM
  remote: https://rubygems.org/
  specs:
    sequel (5.2.0)

PLATFORMS
  ruby

DEPENDENCIES
  sequel

BUNDLED WITH
   1.14.6
